GEM
  remote: https://rubygems.org/
  specs:
    activesupport (3.2.13)
      i18n (= 0.6.1)
      multi_json (~> 1.0)
    faraday (0.8.7)
      multipart-post (~> 1.1)
    faraday_middleware (0.9.0)
      faraday (>= 0.7.4, < 0.9)
    granary (0.0.3)
      faraday (~> 0.8.7)
      faraday_middleware (~> 0.9.0)
    i18n (0.6.1)
    json (1.8.0)
    multi_json (1.8.0)
    multipart-post (1.2.0)

PLATFORMS
  ruby

DEPENDENCIES
  activesupport
  granary (>= 0.0.3)
  json (= 1.8.0)
