GEM
  remote: http://rubygems.org/
  specs:
    activesupport (3.2.13)
      i18n (= 0.6.1)
      multi_json (~> 1.0)
    addressable (2.2.6)
    faraday (0.7.6)
      addressable (~> 2.2)
      multipart-post (~> 1.1)
      rack (~> 1.1)
    faraday_middleware (0.8.4)
      faraday (>= 0.7.4, < 0.9)
    granary (0.0.2)
      faraday (~> 0.7.6)
      faraday_middleware (~> 0.8.4)
    i18n (0.6.1)
    multi_json (1.7.3)
    multipart-post (1.1.4)
    rack (1.4.1)

PLATFORMS
  ruby

DEPENDENCIES
  activesupport
  granary
