GEM
  remote: https://rubygems.org/
  specs:
    faraday (0.8.7)
      multipart-post (~> 1.1)
    faraday_middleware (0.9.0)
      faraday (>= 0.7.4, < 0.9)
    granary (0.0.3)
      faraday (~> 0.8.7)
      faraday_middleware (~> 0.9.0)
    json (2.3.0)
    multipart-post (1.2.0)

PLATFORMS
  ruby

DEPENDENCIES
  granary (>= 0.0.3)
  json (= 2.3.0)
